GEM
  remote: https://rubygems.org/
  specs:
    coderay (1.1.3)
    csv (3.1.6)
      stringio (>= 0.1.3)
    method_source (1.0.0)
    mustermann (1.1.1)
      ruby2_keywords (~> 0.0.1)
    pry (0.13.1)
      coderay (~> 1.1)
      method_source (~> 1.0)
    rack (2.2.6.4)
    rack-protection (2.0.8.1)
      rack
    ruby2_keywords (0.0.2)
    shotgun (0.9.2)
      rack (>= 1.0)
    sinatra (2.0.8.1)
      mustermann (~> 1.0)
      rack (~> 2.0)
      rack-protection (= 2.0.8.1)
      tilt (~> 2.0)
    stringio (0.1.3)
    tilt (2.0.10)

PLATFORMS
  x64-mingw32
  x86_64-linux

DEPENDENCIES
  csv
  pry
  rack (= 2.2.6.4)
  shotgun
  sinatra

RUBY VERSION
   ruby 2.7.1p83

BUNDLED WITH
   2.1.4
